GIT
  remote: https://github.com/opal/opal.git
  revision: b0cb7ba351ab312bf1d5f4769f66986b0fc42f61
  specs:
    opal (0.7.0.beta2)
      hike (~> 1.2)
      sourcemap (~> 0.1.0)
      sprockets (>= 2.2.3, < 4.0.0)
      tilt (~> 1.4)

GIT
  remote: https://github.com/voltrb/volt.git
  revision: 1489e4070494b93dec0f1dc19ef8cfd0dc29fd3c
  branch: opal7
  specs:
    volt (0.8.19)
      bcrypt (~> 3.1.9)
      bundler (>= 1.5)
      capybara (~> 2.4.2)
      chromedriver2-helper (~> 0.0.8)
      configurations (~> 2.0.0.pre)
      listen (~> 2.7.0)
      mongo (~> 1.9.0)
      opal (~> 0.7.0.beta1)
      opal-jquery (~> 0.3.0.beta1)
      opal-rspec (= 0.4.0.beta3)
      poltergeist (~> 1.5.0)
      pry (~> 0.9.12.0)
      rack (~> 1.5.0)
      rake (~> 10.0.4)
      rspec-core (~> 3.1.0)
      rspec-expectations (~> 3.1.0)
      sass (~> 3.2.5)
      selenium-webdriver (~> 2.43.0)
      sprockets-sass (~> 1.0.0)
      thor (~> 0.19.0)
      uglifier (~> 2.4.0)
      yui-compressor (~> 0.12.0)

GEM
  remote: https://rubygems.org/
  specs:
    bcrypt (3.1.9)
    bson (1.9.2)
    bson_ext (1.9.2)
      bson (~> 1.9.2)
    capybara (2.4.4)
      mime-types (>= 1.16)
      nokogiri (>= 1.3.3)
      rack (>= 1.0.0)
      rack-test (>= 0.5.4)
      xpath (~> 2.0)
    celluloid (0.16.0)
      timers (~> 4.0.0)
    childprocess (0.5.5)
      ffi (~> 1.0, >= 1.0.11)
    chromedriver2-helper (0.0.8)
      nokogiri
    cliver (0.3.2)
    coderay (1.1.0)
    configurations (2.0.0.pre)
    daemons (1.1.9)
    diff-lcs (1.2.5)
    eventmachine (1.0.3)
    execjs (2.2.2)
    faye-websocket (0.7.5)
      eventmachine (>= 0.12.0)
      websocket-driver (>= 0.3.5)
    ffi (1.9.6)
    hike (1.2.3)
    hitimes (1.2.2)
    json (1.8.1)
    listen (2.7.11)
      celluloid (>= 0.15.2)
      rb-fsevent (>= 0.9.3)
      rb-inotify (>= 0.9)
    method_source (0.8.2)
    mime-types (2.4.3)
    mini_portile (0.6.1)
    mongo (1.9.2)
      bson (~> 1.9.2)
    multi_json (1.10.1)
    nokogiri (1.6.4)
      mini_portile (~> 0.6.0)
    opal-jquery (0.3.0.beta1)
      opal (~> 0.7.0.beta1)
    opal-rspec (0.4.0.beta3)
      opal (~> 0.7.0.beta1)
    poltergeist (1.5.1)
      capybara (~> 2.1)
      cliver (~> 0.3.1)
      multi_json (~> 1.0)
      websocket-driver (>= 0.2.0)
    pry (0.9.12.6)
      coderay (~> 1.0)
      method_source (~> 0.8)
      slop (~> 3.4)
    rack (1.5.2)
    rack-mount (0.8.3)
      rack (>= 1.0.0)
    rack-test (0.6.2)
      rack (>= 1.0)
    rake (10.0.4)
    rb-fsevent (0.9.4)
    rb-inotify (0.9.5)
      ffi (>= 0.5.0)
    rspec-core (3.1.7)
      rspec-support (~> 3.1.0)
    rspec-expectations (3.1.2)
      diff-lcs (>= 1.2.0, < 2.0)
      rspec-support (~> 3.1.0)
    rspec-support (3.1.2)
    rubyzip (1.1.6)
    sass (3.2.19)
    selenium-webdriver (2.43.0)
      childprocess (~> 0.5)
      multi_json (~> 1.0)
      rubyzip (~> 1.0)
      websocket (~> 1.0)
    slop (3.6.0)
    sourcemap (0.1.1)
    sprockets (2.12.3)
      hike (~> 1.2)
      multi_json (~> 1.0)
      rack (~> 1.0)
      tilt (~> 1.1, != 1.3.0)
    sprockets-sass (1.0.3)
      sprockets (~> 2.0)
      tilt (~> 1.1)
    thin (1.6.3)
      daemons (~> 1.0, >= 1.0.9)
      eventmachine (~> 1.0)
      rack (~> 1.0)
    thor (0.19.1)
    tilt (1.4.1)
    timers (4.0.1)
      hitimes
    uglifier (2.4.0)
      execjs (>= 0.3.0)
      json (>= 1.8.0)
    volt-bootstrap (0.0.6)
    volt-bootstrap-jumbotron-theme (0.0.3)
    volt-sockjs (0.3.4.4)
      faye-websocket (~> 0.7.1)
      json
      rack
      rack-mount (~> 0.8.3)
      thin
    websocket (1.2.1)
    websocket-driver (0.3.5)
    xpath (2.0.0)
      nokogiri (~> 1.3)
    yui-compressor (0.12.0)

PLATFORMS
  ruby

DEPENDENCIES
  bson_ext (~> 1.9.0)
  jubilee
  opal!
  thin (~> 1.6.0)
  volt!
  volt-bootstrap
  volt-bootstrap-jumbotron-theme
  volt-sockjs
